GIT
  remote: git://github.com/libgit2/rugged.git
  revision: ef9398129e26a4bea09309a0361089bc01132165
  branch: development
  submodules: true
  specs:
    rugged (0.19.0)

GEM
  remote: http://rubygems.org/
  specs:
    backports (3.3.2)
    cssmin (1.0.3)
    daemons (1.1.9)
    eventmachine (1.0.3)
    haml (4.0.3)
      tilt
    jsmin (1.0.1)
    metaclass (0.0.1)
    mocha (0.14.0)
      metaclass (~> 0.0.1)
    mysql (2.9.1)
    posix-spawn (0.3.6)
    pygments.rb (0.3.7)
      posix-spawn (~> 0.3.6)
      yajl-ruby (~> 1.1.0)
    rack (1.4.1)
    rack-protection (1.5.0)
      rack
    rack-test (0.6.2)
      rack (>= 1.0)
    redcarpet (2.1.1)
    ruby-filemagic (0.4.2)
    sequel (3.48.0)
    sinatra (1.3.6)
      rack (~> 1.4)
      rack-protection (~> 1.3)
      tilt (~> 1.3, >= 1.3.3)
    sinatra-contrib (1.3.2)
      backports (>= 2.0)
      eventmachine
      rack-protection
      rack-test
      sinatra (~> 1.3.0)
      tilt (~> 1.3)
    thin (1.5.1)
      daemons (>= 1.0.9)
      eventmachine (>= 0.12.6)
      rack (>= 1.0.0)
    tilt (1.4.1)
    yajl-ruby (1.1.0)

PLATFORMS
  ruby

DEPENDENCIES
  cssmin
  haml
  jsmin
  mocha
  mysql
  pygments.rb (~> 0.3.2)
  rack (= 1.4.1)
  redcarpet (~> 2.1.1)
  ruby-filemagic
  rugged!
  sequel
  sinatra (~> 1.3.3)
  sinatra-contrib
  thin
