GEM
  remote: http://rubygems.org/
  specs:
    daemons (1.1.9)
    diff-lcs (1.2.4)
    eventmachine (1.0.3)
    grit (2.5.0)
      diff-lcs (~> 1.1)
      mime-types (~> 1.15)
      posix-spawn (~> 0.3.6)
    haml (4.0.3)
      tilt
    mime-types (1.23)
    mysql (2.9.1)
    posix-spawn (0.3.6)
    pygments.rb (0.3.7)
      posix-spawn (~> 0.3.6)
      yajl-ruby (~> 1.1.0)
    rack (1.4.1)
    rack-protection (1.5.0)
      rack
    redcarpet (2.1.1)
    ruby-filemagic (0.4.2)
    sequel (3.48.0)
    sinatra (1.3.6)
      rack (~> 1.4)
      rack-protection (~> 1.3)
      tilt (~> 1.3, >= 1.3.3)
    thin (1.5.1)
      daemons (>= 1.0.9)
      eventmachine (>= 0.12.6)
      rack (>= 1.0.0)
    tilt (1.4.1)
    yajl-ruby (1.1.0)

PLATFORMS
  ruby

DEPENDENCIES
  grit
  haml
  mysql
  pygments.rb (~> 0.3.2)
  rack (= 1.4.1)
  redcarpet (~> 2.1.1)
  ruby-filemagic
  sequel
  sinatra (~> 1.3.3)
  thin
